GEM
  remote: https://rubygems.org/
  specs:
    cssminify (1.0.2)
    rake (12.0.0)

PLATFORMS
  ruby

DEPENDENCIES
  cssminify (= 1.0.2)
  rake
